GEM
  remote: https://rubygems.org/
  specs:
    activesupport (3.2.19)
      i18n (~> 0.6, >= 0.6.4)
      multi_json (~> 1.0)
    bundler-audit (0.4.0)
      bundler (~> 1.2)
      thor (~> 0.18)
    capistrano (3.2.1)
      i18n
      rake (>= 10.0.0)
      sshkit (~> 1.3)
    capistrano-bundle_audit (0.0.5)
      bundler-audit
      capistrano (~> 3.0)
    capistrano-bundler (1.1.2)
      capistrano (~> 3.0)
      sshkit (~> 1.2)
    capistrano-one_time_key (0.0.1)
      capistrano (~> 3.0)
    capistrano-releaseboard (0.0.1)
      faraday
    chronic (0.10.2)
    colorize (0.7.3)
    confstruct (0.2.7)
    diff-lcs (1.2.5)
    dlss-capistrano (3.2.0)
      capistrano (~> 3.0)
      capistrano-bundle_audit (>= 0.0.3)
      capistrano-one_time_key
      capistrano-releaseboard
    domain_name (0.5.20160128)
      unf (>= 0.0.5, < 1.0.0)
    dor-workflow-service (1.8.0)
      activesupport (>= 3.2.1, < 5)
      confstruct (>= 0.2.7, < 2)
      faraday (~> 0.9.2)
      net-http-persistent (~> 2.9.4)
      nokogiri (~> 1.6.0)
      rest-client (~> 1.7)
      retries
    faraday (0.9.2)
      multipart-post (>= 1.2, < 3)
    http-cookie (1.0.2)
      domain_name (~> 0.5)
    i18n (0.6.11)
    lyber-core (4.0.1)
      activesupport
      dor-workflow-service (~> 1.7)
    mime-types (2.99)
    mini_portile2 (2.0.0)
    multi_json (1.10.1)
    multipart-post (2.0.0)
    net-http-persistent (2.9.4)
    net-scp (1.2.1)
      net-ssh (>= 2.6.5)
    net-ssh (2.9.1)
    netrc (0.11.0)
    nokogiri (1.6.7.2)
      mini_portile2 (~> 2.0.0.rc2)
    rake (10.3.2)
    rest-client (1.8.0)
      http-cookie (>= 1.0.2, < 2.0)
      mime-types (>= 1.16, < 3.0)
      netrc (~> 0.7)
    retries (0.0.5)
    rspec (3.4.0)
      rspec-core (~> 3.4.0)
      rspec-expectations (~> 3.4.0)
      rspec-mocks (~> 3.4.0)
    rspec-core (3.4.2)
      rspec-support (~> 3.4.0)
    rspec-expectations (3.4.0)
      diff-lcs (>= 1.2.0, < 2.0)
      rspec-support (~> 3.4.0)
    rspec-mocks (3.4.1)
      diff-lcs (>= 1.2.0, < 2.0)
      rspec-support (~> 3.4.0)
    rspec-support (3.4.1)
    ruby-oci8 (2.2.1)
    sequel (4.31.0)
    sshkit (1.5.1)
      colorize
      net-scp (>= 1.1.2)
      net-ssh (>= 2.8.0)
    thor (0.19.1)
    unf (0.1.4)
      unf_ext
    unf_ext (0.0.7.2)
    whenever (0.9.2)
      activesupport (>= 2.3.4)
      chronic (>= 0.6.3)
    workflow-archiver (2.0.0)
      confstruct
      lyber-core
      rest-client
      sequel

PLATFORMS
  ruby

DEPENDENCIES
  capistrano (~> 3.0)
  capistrano-bundler (~> 1.1)
  confstruct
  dlss-capistrano
  rspec (~> 3.3)
  ruby-oci8
  whenever
  workflow-archiver (~> 2.0)

BUNDLED WITH
   1.11.2
