GEM
  remote: https://rubygems.org/
  specs:
    activesupport (5.0.0.1)
      concurrent-ruby (~> 1.0, >= 1.0.2)
      i18n (~> 0.7)
      minitest (~> 5.1)
      tzinfo (~> 1.1)
    airbrussh (1.1.1)
      sshkit (>= 1.6.1, != 1.7.0)
    bundler-audit (0.5.0)
      bundler (~> 1.2)
      thor (~> 0.18)
    capistrano (3.6.1)
      airbrussh (>= 1.0.0)
      capistrano-harrow
      i18n
      rake (>= 10.0.0)
      sshkit (>= 1.9.0)
    capistrano-bundle_audit (0.2.1)
      bundler-audit (~> 0.5)
      capistrano (~> 3.0)
    capistrano-bundler (1.2.0)
      capistrano (~> 3.1)
      sshkit (~> 1.2)
    capistrano-harrow (0.5.3)
    capistrano-one_time_key (0.0.1)
      capistrano (~> 3.0)
    capistrano-releaseboard (0.0.1)
      faraday
    capistrano-shared_configs (0.1.1)
    chronic (0.10.2)
    concurrent-ruby (1.0.2)
    confstruct (1.0.2)
      hashie (~> 3.3)
    connection_pool (2.2.1)
    dlss-capistrano (3.4.0)
      capistrano (~> 3.0)
      capistrano-bundle_audit (>= 0.1.0)
      capistrano-one_time_key
      capistrano-releaseboard
      capistrano-shared_configs
    dor-workflow-service (2.2.0)
      activesupport (>= 3.2.1, < 6)
      confstruct (>= 0.2.7, < 2)
      faraday (~> 0.9, >= 0.9.2)
      net-http-persistent (>= 2.9.4, < 4.a)
      nokogiri (~> 1.6.0)
      retries
    faraday (0.10.0)
      multipart-post (>= 1.2, < 3)
    hashie (3.4.6)
    i18n (0.7.0)
    lyber-core (4.1.0)
      activesupport
      dor-workflow-service (>= 1.7, < 3)
    mini_portile2 (2.1.0)
    minitest (5.9.1)
    multipart-post (2.0.0)
    net-http-persistent (3.0.0)
      connection_pool (~> 2.2)
    net-scp (1.2.1)
      net-ssh (>= 2.6.5)
    net-ssh (3.2.0)
    nokogiri (1.6.8.1)
      mini_portile2 (~> 2.1.0)
    rake (11.3.0)
    retries (0.0.5)
    ruby-oci8 (2.2.2)
    sequel (4.40.0)
    sshkit (1.11.4)
      net-scp (>= 1.1.2)
      net-ssh (>= 2.8.0)
    thor (0.19.4)
    thread_safe (0.3.5)
    tzinfo (1.2.2)
      thread_safe (~> 0.1)
    whenever (0.9.7)
      chronic (>= 0.6.3)
    workflow-archiver (2.0.1)
      confstruct
      faraday
      lyber-core
      sequel

PLATFORMS
  ruby

DEPENDENCIES
  capistrano
  capistrano-bundler
  confstruct
  dlss-capistrano
  rake
  ruby-oci8
  whenever
  workflow-archiver

BUNDLED WITH
   1.13.6
